PATH
  remote: .
  specs:
    mysqlBackup (0.1.0)
      date
      logger
      optimist
      zabbix_sender_api

GEM
  remote: https://rubygems.org/
  specs:
    byebug (11.1.3)
    coderay (1.1.3)
    date (3.3.3)
    logger (1.5.3)
    method_source (1.0.0)
    optimist (3.0.1)
    pry (0.14.2)
      coderay (~> 1.1)
      method_source (~> 1.0)
    pry-byebug (3.10.1)
      byebug (~> 11.0)
      pry (>= 0.13, < 0.15)
    rake (13.0.6)
    zabbix_sender_api (1.1.3)

PLATFORMS
  x86_64-linux

DEPENDENCIES
  mysqlBackup!
  pry-byebug
  rake (~> 13.0)

BUNDLED WITH
   2.4.2
